GEM
  remote: http://rubygems.org/
  specs:
    github-markup (0.5.3)
    growl_notify (0.0.1)
      rb-appscript
    guard (0.6.2)
      thor (~> 0.14.6)
    guard-sass (0.3.2)
      guard (>= 0.4.0)
      sass (>= 3.1)
    json (1.5.4)
    nokogiri (1.5.0)
    rack (1.3.2)
    rake (0.9.2)
    rb-appscript (0.6.1)
    rdoc (3.9.4)
    sanitize (2.0.3)
      nokogiri (>= 1.4.4, < 1.6)
    sass (3.1.7)
    sdoc (0.3.7)
      json (>= 1.1.3)
      rdoc (~> 3)
      sanitize (~> 2)
    sinatra (1.2.6)
      rack (~> 1.1)
      tilt (>= 1.2.2, < 2.0)
    thor (0.14.6)
    tilt (1.3.3)
    vegas (0.1.8)
      rack (>= 1.0.0)

PLATFORMS
  ruby

DEPENDENCIES
  github-markup
  growl_notify
  guard
  guard-sass
  rake
  sdoc
  sinatra
  vegas
